GEM
  remote: http://rubygems.org/
  specs:
    addressable (2.3.2)
    crack (0.3.2)
    diff-lcs (1.1.3)
    git (1.2.5)
    jeweler (1.8.4)
      bundler (~> 1.0)
      git (>= 1.2.5)
      rake
      rdoc
    json (2.3.0)
    psych (5.1.0)
      stringio
    rake (10.0.3)
    rdoc (6.5.0)
      psych (>= 4.0.0)
    rspec (2.12.0)
      rspec-core (~> 2.12.0)
      rspec-expectations (~> 2.12.0)
      rspec-mocks (~> 2.12.0)
    rspec-core (2.12.2)
    rspec-expectations (2.12.1)
      diff-lcs (~> 1.1.3)
    rspec-mocks (2.12.1)
    stringio (3.0.7)
    webmock (1.9.0)
      addressable (>= 2.2.7)
      crack (>= 0.1.7)
    yard (0.8.3)

PLATFORMS
  ruby

DEPENDENCIES
  addressable
  bundler
  jeweler
  json
  rspec
  webmock
  yard
